GEM
  remote: https://rubygems.org/
  specs:
    daemons (1.1.9)
    hipchat (1.0.1)
      httparty
    httparty (0.13.0)
      json (~> 1.8)
      multi_xml (>= 0.5.2)
    json (1.8.1)
    mime-types (1.23)
    multi_xml (0.5.5)
    rest-client (1.6.7)
      mime-types (>= 1.16)
    trollop (2.0)

PLATFORMS
  ruby

DEPENDENCIES
  daemons
  hipchat
  rest-client
  trollop
